PATH
  remote: .
  specs:
    rack-webconsole-pry (0.1.4)
      multi_json (>= 1.0.3)
      pry
      rack

GEM
  remote: http://rubygems.org/
  specs:
    bluecloth (2.2.0)
    coderay (1.0.6)
    metaclass (0.0.1)
    method_source (0.7.1)
    minitest (2.11.4)
    mocha (0.10.5)
      metaclass (~> 0.0.1)
    multi_json (1.3.6)
    pry (0.9.9.6)
      coderay (~> 1.0.5)
      method_source (~> 0.7.1)
      slop (>= 2.4.4, < 3)
    purdytest (1.0.0)
      minitest (~> 2.2)
    rack (1.4.1)
    rake (0.9.2.2)
    slop (2.4.4)
    yard (0.7.5)

PLATFORMS
  ruby

DEPENDENCIES
  bluecloth
  minitest
  mocha
  pry
  purdytest
  rack-webconsole-pry!
  rake
  yard
